PATH
  remote: .
  specs:
    opal-chartjs (0.1.0)
      json
      opal

GEM
  remote: https://rubygems.org/
  specs:
    ast (2.4.1)
    diff-lcs (1.4.4)
    json (2.5.1)
    opal (1.0.5)
      ast (>= 2.3.0)
      parser (~> 2.6)
    parser (2.7.2.0)
      ast (~> 2.4.1)
    rake (12.3.3)
    rspec (3.10.0)
      rspec-core (~> 3.10.0)
      rspec-expectations (~> 3.10.0)
      rspec-mocks (~> 3.10.0)
    rspec-core (3.10.1)
      rspec-support (~> 3.10.0)
    rspec-expectations (3.10.1)
      diff-lcs (>= 1.2.0, < 2.0)
      rspec-support (~> 3.10.0)
    rspec-mocks (3.10.1)
      diff-lcs (>= 1.2.0, < 2.0)
      rspec-support (~> 3.10.0)
    rspec-support (3.10.1)
    rspeck (0.1.3)

PLATFORMS
  ruby

DEPENDENCIES
  bundler
  opal-chartjs!
  rake (~> 12.0)
  rspec (~> 3.0)
  rspeck

BUNDLED WITH
   2.1.4
