PATH
  remote: ..
  specs:
    opal-chartjs (0.1.0)
      json
      opal

GEM
  remote: https://rubygems.org/
  specs:
    ast (2.4.1)
    concurrent-ruby (1.1.7)
    json (2.5.1)
    opal (1.0.5)
      ast (>= 2.3.0)
      parser (~> 2.6)
    opal-sprockets (0.4.9.1.0.3.7)
      opal (~> 1.0.0)
      sprockets (~> 3.7)
      tilt (>= 1.4)
    parser (2.7.2.0)
      ast (~> 2.4.1)
    rack (2.2.3)
    sprockets (3.7.2)
      concurrent-ruby (~> 1.0)
      rack (> 1, < 3)
    tilt (2.0.10)

PLATFORMS
  ruby

DEPENDENCIES
  opal-chartjs!
  opal-sprockets
  rack

BUNDLED WITH
   2.1.4
